GEM
  remote: http://rubygems.org/
  specs:
    capifony (2.2.7)
      capistrano (>= 2.13.5, <= 2.14.1)
      capistrano-maintenance (= 0.0.2)
      colored (>= 1.2.0)
      inifile (>= 2.0.2)
    capistrano (2.14.1)
      highline
      net-scp (>= 1.0.0)
      net-sftp (>= 2.0.0)
      net-ssh (>= 2.0.14)
      net-ssh-gateway (>= 1.1.0)
    capistrano-ext (1.2.1)
      capistrano (>= 1.0.0)
    capistrano-maintenance (0.0.2)
      capistrano (>= 2.0.0)
    capistrano_colors (0.5.5)
    colored (1.2)
    highline (1.6.15)
    inifile (2.0.2)
    net-scp (1.1.0)
      net-ssh (>= 2.6.5)
    net-sftp (2.1.1)
      net-ssh (>= 2.6.5)
    net-ssh (2.6.5)
    net-ssh-gateway (1.2.0)
      net-ssh (>= 2.6.5)

PLATFORMS
  ruby

DEPENDENCIES
  capifony
  capistrano (<= 2.14.1)
  capistrano-ext
  capistrano_colors
