GIT
  remote: https://github.com/crystalservice/capistrano.git
  revision: eb854149c7086326d7bd8cae19d526b12b5fe71e
  branch: fetch-pull-request
  specs:
    capistrano (2.15.4)
      highline
      net-scp (>= 1.0.0)
      net-sftp (>= 2.0.0)
      net-ssh (>= 2.0.14)
      net-ssh-gateway (>= 1.1.0)

GEM
  remote: http://rubygems.org/
  specs:
    activesupport (4.1.5)
      i18n (~> 0.6, >= 0.6.9)
      json (~> 1.7, >= 1.7.7)
      minitest (~> 5.1)
      thread_safe (~> 0.1)
      tzinfo (~> 1.1)
    capifony (2.8.1)
      capistrano (>= 2.13.5, <= 2.16.0)
      capistrano-maintenance (= 0.0.3)
      colored (>= 1.2.0)
      inifile (>= 2.0.2)
      ruby-progressbar (= 1.4.1)
    capistrano-ext (1.2.1)
      capistrano (>= 1.0.0)
    capistrano-maintenance (0.0.3)
      capistrano (>= 2.0.0)
    capistrano_colors (0.5.5)
    colored (1.2)
    highline (1.6.21)
    i18n (0.6.11)
    inifile (3.0.0)
    json (1.8.1)
    minitest (5.4.1)
    net-scp (1.2.1)
      net-ssh (>= 2.6.5)
    net-sftp (2.1.2)
      net-ssh (>= 2.6.5)
    net-ssh (2.9.1)
    net-ssh-gateway (1.2.0)
      net-ssh (>= 2.6.5)
    ruby-progressbar (1.4.1)
    thread_safe (0.3.4)
    time_diff (0.3.0)
      activesupport
      i18n
    tzinfo (1.2.2)
      thread_safe (~> 0.1)

PLATFORMS
  ruby
  x86-mingw32

DEPENDENCIES
  capifony
  capistrano!
  capistrano-ext
  capistrano_colors
  time_diff
