GEM
  remote: http://rubygems.org/
  specs:
    activesupport (3.2.12)
      i18n (~> 0.6)
      multi_json (~> 1.0)
    capifony (2.2.8)
      capistrano (>= 2.13.5, < 2.15)
      capistrano-maintenance (= 0.0.2)
      colored (>= 1.2.0)
      inifile (>= 2.0.2)
    capistrano (2.14.2)
      highline
      net-scp (>= 1.0.0)
      net-sftp (>= 2.0.0)
      net-ssh (>= 2.0.14)
      net-ssh-gateway (>= 1.1.0)
    capistrano-ext (1.2.1)
      capistrano (>= 1.0.0)
    capistrano-maintenance (0.0.2)
      capistrano (>= 2.0.0)
    capistrano_colors (0.5.5)
    colored (1.2)
    highline (1.6.18)
    i18n (0.6.4)
    inifile (2.0.2)
    multi_json (1.7.3)
    net-scp (1.1.0)
      net-ssh (>= 2.6.5)
    net-sftp (2.1.1)
      net-ssh (>= 2.6.5)
    net-ssh (2.6.7)
    net-ssh-gateway (1.2.0)
      net-ssh (>= 2.6.5)
    time_diff (0.3.0)
      activesupport
      i18n

PLATFORMS
  ruby
  x86-mingw32

DEPENDENCIES
  capifony
  capistrano
  capistrano-ext
  capistrano_colors
  time_diff
